NUGET
  remote: https://www.nuget.org/api/v2
    chocolatey.lib (0.10.9)
      log4net (>= 2.0.3)
    log4net (2.0.3)
